GIT
  remote: git://github.com/rails-api/active_model_serializers.git
  revision: cef10cf01dfe18f72060bda279d5246c156ae737
  specs:
    active_model_serializers (0.5.2)
      activemodel (>= 3.0)

PATH
  remote: .
  specs:
    tmp_mail (0.0.1)
      mail
      mailman

GEM
  remote: https://rubygems.org/
  specs:
    activemodel (3.2.11)
      activesupport (= 3.2.11)
      builder (~> 3.0.0)
    activesupport (3.2.11)
      i18n (~> 0.6)
      multi_json (~> 1.0)
    bcrypt-ruby (3.0.1)
    builder (3.0.4)
    coderay (1.0.8)
    daemons (1.1.9)
    database_cleaner (0.9.1)
    diff-lcs (1.1.3)
    eventmachine (1.0.0)
    growl (1.0.3)
    guard (1.6.1)
      listen (>= 0.6.0)
      lumberjack (>= 1.0.2)
      pry (>= 0.9.10)
      thor (>= 0.14.6)
    guard-rspec (2.3.3)
      guard (>= 1.1)
      rspec (~> 2.11)
    i18n (0.6.1)
    listen (0.7.2)
    lumberjack (1.0.2)
    mail (2.5.3)
      i18n (>= 0.4.0)
      mime-types (~> 1.16)
      treetop (~> 1.4.8)
    maildir (2.1.0)
    mailman (0.6.0)
      activesupport (>= 2.3.4)
      i18n (>= 0.4.1)
      listen (>= 0.4.1)
      mail (>= 2.0.3)
      maildir (>= 0.5.0)
    method_source (0.8.1)
    mime-types (1.19)
    mongoid (3.0.17)
      activemodel (~> 3.1)
      moped (~> 1.2)
      origin (~> 1.0)
      tzinfo (~> 0.3.22)
    moped (1.3.2)
    multi_json (1.5.0)
    origin (1.0.11)
    polyglot (0.3.3)
    pry (0.9.10)
      coderay (~> 1.0.5)
      method_source (~> 0.8)
      slop (~> 3.3.1)
    rack (1.4.1)
    rack-protection (1.2.0)
      rack
    rack-test (0.6.2)
      rack (>= 1.0)
    rake (10.0.3)
    rb-fsevent (0.9.3)
    rspec (2.12.0)
      rspec-core (~> 2.12.0)
      rspec-expectations (~> 2.12.0)
      rspec-mocks (~> 2.12.0)
    rspec-core (2.12.2)
    rspec-expectations (2.12.1)
      diff-lcs (~> 1.1.3)
    rspec-mocks (2.12.1)
    ruby_gntp (0.3.4)
    sinatra (1.3.3)
      rack (~> 1.3, >= 1.3.6)
      rack-protection (~> 1.2)
      tilt (~> 1.3, >= 1.3.3)
    slop (3.3.3)
    thin (1.5.0)
      daemons (>= 1.0.9)
      eventmachine (>= 0.12.6)
      rack (>= 1.0.0)
    thor (0.16.0)
    tilt (1.3.3)
    treetop (1.4.12)
      polyglot
      polyglot (>= 0.3.1)
    tzinfo (0.3.35)

PLATFORMS
  ruby

DEPENDENCIES
  active_model_serializers!
  bcrypt-ruby
  database_cleaner
  growl
  guard
  guard-rspec
  mail
  mailman
  mongoid
  rack-test
  rake
  rb-fsevent
  rspec
  ruby_gntp
  sinatra
  thin
  tmp_mail!
